PATH
  remote: .
  specs:
    chef-powershell (18.1.0)
      ffi (~> 1.16)
      ffi-yajl (~> 3.0)

GEM
  remote: https://rubygems.org/
  specs:
    ast (2.4.2)
    chefstyle (2.2.3)
      rubocop (= 1.25.1)
    coderay (1.1.3)
    diff-lcs (1.5.0)
    fauxhai-ng (9.3.0)
      net-ssh
    ffi (1.16.3-x64-mingw32)
    ffi-yajl (3.0.0)
      libyajl2 (>= 1.2)
    libyajl2 (2.1.0)
    method_source (1.0.0)
    net-ssh (7.2.0)
    parallel (1.24.0)
    parser (3.2.2.4)
      ast (~> 2.4.1)
      racc
    pry (0.14.2)
      coderay (~> 1.1)
      method_source (~> 1.0)
    racc (1.7.3)
    rainbow (3.1.1)
    rake (13.1.0)
    regexp_parser (2.8.3)
    rexml (3.2.6)
    rspec (3.12.0)
      rspec-core (~> 3.12.0)
      rspec-expectations (~> 3.12.0)
      rspec-mocks (~> 3.12.0)
    rspec-core (3.12.2)
      rspec-support (~> 3.12.0)
    rspec-expectations (3.12.3)
      diff-lcs (>= 1.2.0, < 2.0)
      rspec-support (~> 3.12.0)
    rspec-mocks (3.12.6)
      diff-lcs (>= 1.2.0, < 2.0)
      rspec-support (~> 3.12.0)
    rspec-support (3.12.1)
    rubocop (1.25.1)
      parallel (~> 1.10)
      parser (>= 3.1.0.0)
      rainbow (>= 2.2.2, < 4.0)
      regexp_parser (>= 1.8, < 3.0)
      rexml
      rubocop-ast (>= 1.15.1, < 2.0)
      ruby-progressbar (~> 1.7)
      unicode-display_width (>= 1.4.0, < 3.0)
    rubocop-ast (1.30.0)
      parser (>= 3.2.1.0)
    ruby-progressbar (1.13.0)
    unicode-display_width (2.5.0)

PLATFORMS
  x64-mingw32

DEPENDENCIES
  chef-powershell!
  chefstyle
  fauxhai-ng
  pry
  rake
  rspec

BUNDLED WITH
   2.2.33
