PATH
  remote: .
  specs:
    chef-powershell (1.0.4)
      ffi (~> 1.15)
      ffi-yajl (~> 2.4)

GEM
  remote: https://rubygems.org/
  specs:
    ast (2.4.2)
    chefstyle (2.1.2)
      rubocop (= 1.22.3)
    coderay (1.1.3)
    diff-lcs (1.4.4)
    fauxhai-ng (9.1.0)
      net-ssh
    ffi (1.15.4-x64-mingw32)
    ffi-yajl (2.4.0)
      libyajl2 (>= 1.2)
    libyajl2 (2.1.0)
    method_source (1.0.0)
    net-ssh (6.1.0)
    parallel (1.21.0)
    parser (3.0.2.0)
      ast (~> 2.4.1)
    pry (0.14.1)
      coderay (~> 1.1)
      method_source (~> 1.0)
    rainbow (3.0.0)
    rake (13.0.6)
    regexp_parser (2.1.1)
    rexml (3.2.5)
    rspec (3.10.0)
      rspec-core (~> 3.10.0)
      rspec-expectations (~> 3.10.0)
      rspec-mocks (~> 3.10.0)
    rspec-core (3.10.1)
      rspec-support (~> 3.10.0)
    rspec-expectations (3.10.1)
      diff-lcs (>= 1.2.0, < 2.0)
      rspec-support (~> 3.10.0)
    rspec-mocks (3.10.2)
      diff-lcs (>= 1.2.0, < 2.0)
      rspec-support (~> 3.10.0)
    rspec-support (3.10.3)
    rubocop (1.22.3)
      parallel (~> 1.10)
      parser (>= 3.0.0.0)
      rainbow (>= 2.2.2, < 4.0)
      regexp_parser (>= 1.8, < 3.0)
      rexml
      rubocop-ast (>= 1.12.0, < 2.0)
      ruby-progressbar (~> 1.7)
      unicode-display_width (>= 1.4.0, < 3.0)
    rubocop-ast (1.12.0)
      parser (>= 3.0.1.1)
    ruby-progressbar (1.11.0)
    unicode-display_width (2.1.0)

PLATFORMS
  x64-mingw32

DEPENDENCIES
  chef-powershell!
  chefstyle
  fauxhai-ng
  pry
  rake
  rspec

BUNDLED WITH
   2.2.29
