PATH
  remote: .
  specs:
    chef-powershell (18.1.0)
      ffi (>= 1.15)
      ffi-yajl (~> 2.4)

GEM
  remote: https://rubygems.org/
  specs:
    ast (2.4.3)
    coderay (1.1.3)
    cookstyle (8.1.1)
      rubocop (= 1.75.3)
    diff-lcs (1.6.1)
    fauxhai-ng (9.3.0)
      net-ssh
    ffi (1.17.2)
    ffi-yajl (2.6.0)
      libyajl2 (>= 1.2)
    json (2.11.3)
    language_server-protocol (3.17.0.4)
    libyajl2 (2.1.0)
    lint_roller (1.1.0)
    method_source (1.1.0)
    net-ssh (7.3.0)
    parallel (1.27.0)
    parser (3.3.8.0)
      ast (~> 2.4.1)
      racc
    prism (1.4.0)
    pry (0.15.2)
      coderay (~> 1.1)
      method_source (~> 1.0)
    racc (1.8.1)
    rainbow (3.1.1)
    rake (13.2.1)
    regexp_parser (2.10.0)
    rspec (3.13.0)
      rspec-core (~> 3.13.0)
      rspec-expectations (~> 3.13.0)
      rspec-mocks (~> 3.13.0)
    rspec-core (3.13.3)
      rspec-support (~> 3.13.0)
    rspec-expectations (3.13.3)
      diff-lcs (>= 1.2.0, < 2.0)
      rspec-support (~> 3.13.0)
    rspec-mocks (3.13.2)
      diff-lcs (>= 1.2.0, < 2.0)
      rspec-support (~> 3.13.0)
    rspec-support (3.13.2)
    rubocop (1.75.3)
      json (~> 2.3)
      language_server-protocol (~> 3.17.0.2)
      lint_roller (~> 1.1.0)
      parallel (~> 1.10)
      parser (>= 3.3.0.2)
      rainbow (>= 2.2.2, < 4.0)
      regexp_parser (>= 2.9.3, < 3.0)
      rubocop-ast (>= 1.44.0, < 2.0)
      ruby-progressbar (~> 1.7)
      unicode-display_width (>= 2.4.0, < 4.0)
    rubocop-ast (1.44.1)
      parser (>= 3.3.7.2)
      prism (~> 1.4)
    ruby-progressbar (1.13.0)
    unicode-display_width (3.1.4)
      unicode-emoji (~> 4.0, >= 4.0.4)
    unicode-emoji (4.0.4)

PLATFORMS
  x64-mingw-ucrt

DEPENDENCIES
  chef-powershell!
  cookstyle (~> 8.1)
  fauxhai-ng
  ffi (>= 1.15)
  pry
  rake
  rspec

BUNDLED WITH
   2.6.8
